GIT
  remote: https://github.com/budnik/simplecov-lcov.git
  revision: 3701f1596b029dae655cb118b44ebabaac1bee97
  specs:
    simplecov-lcov (0.8.0)

GEM
  remote: https://rubygems.org/
  specs:
    docile (1.4.1)
    ffi (1.17.0)
    simplecov (0.22.0)
      docile (~> 1.1)
      simplecov-html (~> 0.11)
      simplecov_json_formatter (~> 0.1)
    simplecov-html (0.12.3)
    simplecov_json_formatter (0.1.4)

PLATFORMS
  arm64-darwin-23
  ruby
  x86_64-linux-musl

DEPENDENCIES
  ffi
  simplecov
  simplecov-lcov!

CHECKSUMS
  docile (1.4.1) sha256=96159be799bfa73cdb721b840e9802126e4e03dfc26863db73647204c727f21e
  ffi (1.17.0) sha256=51630e43425078311c056ca75f961bb3bda1641ab36e44ad4c455e0b0e4a231c
  simplecov (0.22.0) sha256=fe2622c7834ff23b98066bb0a854284b2729a569ac659f82621fc22ef36213a5
  simplecov-html (0.12.3) sha256=4b1aad33259ffba8b29c6876c12db70e5750cb9df829486e4c6e5da4fa0aa07b
  simplecov-lcov (0.8.0)
  simplecov_json_formatter (0.1.4) sha256=529418fbe8de1713ac2b2d612aa3daa56d316975d307244399fa4838c601b428

RUBY VERSION
   ruby 3.4.1p0

BUNDLED WITH
   2.6.2
